PATH
  remote: .
  specs:
    devicedb_comms (0.0.4)

GEM
  remote: https://rubygems.org/
  specs:

PLATFORMS
  ruby

DEPENDENCIES
  devicedb_comms!
